GEM
  remote: http://rubygems.org/
  specs:
    aspelllint (0.14)
      dotsmack (~> 0.3)
      ptools (~> 1.2)
    dotsmack (0.5)
      ptools (~> 1.2)
    ptools (1.3.5)
    rake (13.0.1)

PLATFORMS
  ruby

DEPENDENCIES
  aspelllint
  rake (~> 13.0.1)

BUNDLED WITH
   1.17.2
